GEM
  remote: https://rubygems.org/
  specs:
    addressable (2.4.0)
    faraday (0.8.8)
      multipart-post (~> 1.2.0)
    faraday_middleware (0.10.0)
      faraday (>= 0.7.4, < 0.10)
    faraday_middleware-parse_oj (0.2.1)
      faraday_middleware (~> 0.8)
      oj (~> 2.0)
    giphy (1.2.0)
      faraday (~> 0.8.8)
      faraday_middleware-parse_oj (~> 0.2.1)
      launchy (~> 2.4.2)
    haml (4.0.3)
      tilt
    launchy (2.4.3)
      addressable (~> 2.3)
    multipart-post (1.2.0)
    oj (2.14.4)
    rack (1.5.2)
    rack-protection (1.5.0)
      rack
    sinatra (1.4.3)
      rack (~> 1.4)
      rack-protection (~> 1.4)
      tilt (~> 1.3, >= 1.3.4)
    tilt (1.4.1)

PLATFORMS
  ruby

DEPENDENCIES
  giphy
  haml
  sinatra

BUNDLED WITH
   1.11.2
